GEM
  remote: https://rubygems.org/
  specs:
    clasp-ruby (0.22.1)
    xqsr3 (0.37.2)

PLATFORMS
  ruby

DEPENDENCIES
  clasp-ruby (~> 0.22, >= 0.22.1)
  xqsr3 (~> 0.37, >= 0.37.2)

BUNDLED WITH
   2.2.3
