GEM
  remote: https://rubygems.org/
  specs:
    clasp-ruby (0.23.0.2)
    xqsr3 (0.39.3)

PLATFORMS
  x86_64-darwin-20

DEPENDENCIES
  clasp-ruby (~> 0.23, >= 0.23.0.2)
  xqsr3 (~> 0.39)

BUNDLED WITH
   2.3.16
