GEM
  remote: https://rubygems.org/
  specs:
    clasp-ruby (0.23.0)
    xqsr3 (0.38.1.1)

PLATFORMS
  x86_64-darwin-20

DEPENDENCIES
  clasp-ruby (~> 0.23)
  xqsr3 (~> 0.38)

BUNDLED WITH
   2.3.16
